GEM
  remote: https://rubygems.org/
  specs:
    coderay (1.1.0)
    coffee-script (2.2.0)
      coffee-script-source
      execjs
    coffee-script-source (1.7.0)
    execjs (2.0.2)
    ffi (1.9.3)
    ffi (1.9.3-java)
    formatador (0.2.5)
    guard (1.7.0)
      formatador (>= 0.2.4)
      listen (>= 0.6.0)
      lumberjack (>= 1.0.2)
      pry (>= 0.9.10)
      thor (>= 0.14.6)
    guard-rack (1.4.0)
      ffi
      guard
      libnotify
      rb-inotify
      spoon
    libnotify (0.8.3)
      ffi (>= 1.0.11)
    listen (0.7.3)
    lumberjack (1.0.9)
    method_source (0.8.2)
    mini_portile (0.6.0)
    nokogiri (1.6.2.1)
      mini_portile (= 0.6.0)
    nokogiri (1.6.2.1-java)
    pry (0.10.0)
      coderay (~> 1.1.0)
      method_source (~> 0.8.1)
      slop (~> 3.4)
    pry (0.10.0-java)
      coderay (~> 1.1.0)
      method_source (~> 0.8.1)
      slop (~> 3.4)
      spoon (~> 0.0)
    rack (1.5.2)
    rack-protection (1.5.3)
      rack
    rack-session-file (0.5.0)
      rack (>= 1.1.0)
    rb-fchange (0.0.6)
      ffi
    rb-fsevent (0.9.4)
    rb-inotify (0.8.8)
      ffi (>= 0.5.0)
    sass (3.3.10)
    settingslogic (2.0.9)
    sinatra (1.4.5)
      rack (~> 1.4)
      rack-protection (~> 1.4)
      tilt (~> 1.3, >= 1.3.4)
    sinatra-flash (0.3.0)
      sinatra (>= 1.0.0)
    slim (2.0.3)
      temple (~> 0.6.6)
      tilt (>= 1.3.3, < 2.1)
    slop (3.5.0)
    spoon (0.0.4)
      ffi
    temple (0.6.8)
    thor (0.19.1)
    tilt (1.4.1)

PLATFORMS
  java
  ruby

DEPENDENCIES
  coffee-script
  guard-rack
  nokogiri
  rack-session-file
  rb-fchange
  rb-fsevent
  rb-inotify (~> 0.8.8)
  sass
  settingslogic
  sinatra
  sinatra-flash
  slim
