GEM
  remote: https://rubygems.org/
  specs:
    celluloid (0.15.2)
      timers (~> 1.1.0)
    chunky_png (1.3.1)
    coderay (1.1.0)
    coffee-script (2.3.0)
      coffee-script-source
      execjs
    coffee-script-source (1.7.1)
    compass (0.12.7)
      chunky_png (~> 1.2)
      fssm (>= 0.2.7)
      sass (~> 3.2.19)
    execjs (2.2.1)
    ffi (1.9.3)
    ffi (1.9.3-java)
    formatador (0.2.5)
    fssm (0.2.10)
    guard (2.6.1)
      formatador (>= 0.2.4)
      listen (~> 2.7)
      lumberjack (~> 1.0)
      pry (>= 0.9.12)
      thor (>= 0.18.1)
    guard-coffeescript (1.4.0)
      coffee-script (>= 2.2.0)
      guard (>= 1.1.0)
    guard-compass (1.1.0)
      compass (>= 0.10.5)
      guard (~> 2.0)
    guard-rack (1.4.0)
      ffi
      guard
      libnotify
      rb-inotify
      spoon
    libnotify (0.8.3)
      ffi (>= 1.0.11)
    listen (2.7.9)
      celluloid (>= 0.15.2)
      rb-fsevent (>= 0.9.3)
      rb-inotify (>= 0.9)
    lumberjack (1.0.9)
    method_source (0.8.2)
    mini_portile (0.6.0)
    nokogiri (1.6.3.1)
      mini_portile (= 0.6.0)
    nokogiri (1.6.3.1-java)
    pry (0.10.0)
      coderay (~> 1.1.0)
      method_source (~> 0.8.1)
      slop (~> 3.4)
    pry (0.10.0-java)
      coderay (~> 1.1.0)
      method_source (~> 0.8.1)
      slop (~> 3.4)
      spoon (~> 0.0)
    rack (1.5.2)
    rack-protection (1.5.3)
      rack
    rb-fchange (0.0.6)
      ffi
    rb-fsevent (0.9.4)
    rb-inotify (0.9.5)
      ffi (>= 0.5.0)
    sass (3.2.19)
    settingslogic (2.0.9)
    sinatra (1.4.5)
      rack (~> 1.4)
      rack-protection (~> 1.4)
      tilt (~> 1.3, >= 1.3.4)
    sinatra-flash (0.3.0)
      sinatra (>= 1.0.0)
    slim (2.0.3)
      temple (~> 0.6.6)
      tilt (>= 1.3.3, < 2.1)
    slop (3.6.0)
    spoon (0.0.4)
      ffi
    temple (0.6.8)
    thor (0.19.1)
    tilt (1.4.1)
    timers (1.1.0)

PLATFORMS
  java
  ruby

DEPENDENCIES
  coffee-script
  guard-coffeescript
  guard-compass
  guard-rack
  nokogiri
  rack
  rb-fchange
  rb-fsevent
  sass
  settingslogic
  sinatra
  sinatra-flash
  slim
